GEM
  remote: https://rubygems.org/
  specs:
    micro-optparse (1.2.0)

PLATFORMS
  ruby

DEPENDENCIES
  micro-optparse

BUNDLED WITH
   1.11.2
